PATH
  remote: .
  specs:
    cocosnut (0.0.1)
      commander (~> 4.2.0)
      xcodeproj (~> 0.19.1)

GEM
  remote: https://rubygems.org/
  specs:
    CFPropertyList (2.2.8)
    activesupport (3.2.19)
      i18n (~> 0.6, >= 0.6.4)
      multi_json (~> 1.0)
    byebug (3.4.0)
      columnize (~> 0.8)
      debugger-linecache (~> 1.2)
      slop (~> 3.6)
    coderay (1.1.0)
    colored (1.2)
    columnize (0.8.9)
    commander (4.2.0)
      highline (~> 1.6.11)
    debugger-linecache (1.2.0)
    highline (1.6.21)
    i18n (0.6.11)
    method_source (0.8.2)
    multi_json (1.9.2)
    pry (0.10.1)
      coderay (~> 1.1.0)
      method_source (~> 0.8.1)
      slop (~> 3.4)
    pry-byebug (2.0.0)
      byebug (~> 3.4)
      pry (~> 0.10)
    rake (10.3.2)
    slop (3.6.0)
    xcodeproj (0.19.1)
      CFPropertyList (~> 2.2)
      activesupport (~> 3.0)
      colored (~> 1.2)

PLATFORMS
  ruby

DEPENDENCIES
  bundler (~> 1.6)
  cocosnut!
  pry
  pry-byebug
  rake
